GEM
  remote: https://rubygems.org/
  specs:
    daemons (1.2.3)
    eventmachine (1.0.8)
    foreman (0.78.0)
      thor (~> 0.19.1)
    json (1.8.3)
    nsq-ruby (1.3.0)
    rack (1.6.4)
    rack-protection (1.5.3)
      rack
    rethinkdb (2.2.0.0)
      json
    sinatra (1.4.6)
      rack (~> 1.4)
      rack-protection (~> 1.4)
      tilt (>= 1.3, < 3)
    thin (1.6.4)
      daemons (~> 1.0, >= 1.0.9)
      eventmachine (~> 1.0, >= 1.0.4)
      rack (~> 1.0)
    thor (0.19.1)
    tilt (2.0.1)

PLATFORMS
  ruby

DEPENDENCIES
  foreman
  nsq-ruby
  rethinkdb
  sinatra
  thin

BUNDLED WITH
   1.10.6
